GIT
  remote: git://github.com/rweng/jquery-datatables-rails.git
  revision: d486b31b192a2924b1913e080ad23460e6b96d31
  specs:
    jquery-datatables-rails (3.4.0)
      actionpack (>= 3.1)
      jquery-rails
      railties (>= 3.1)
      sass-rails

GIT
  remote: git://github.com/sumoheavy/jira-ruby.git
  revision: 90cc2c86cddafb9c84e383fd9da041ec7a6cc261
  specs:
    jira-ruby (1.2.0)
      activesupport
      oauth (~> 0.5, >= 0.5.0)

GEM
  remote: https://rubygems.org/
  specs:
    RedCloth (4.3.2)
    actionmailer (4.2.7.1)
      actionpack (= 4.2.7.1)
      actionview (= 4.2.7.1)
      activejob (= 4.2.7.1)
      mail (~> 2.5, >= 2.5.4)
      rails-dom-testing (~> 1.0, >= 1.0.5)
    actionpack (4.2.7.1)
      actionview (= 4.2.7.1)
      activesupport (= 4.2.7.1)
      rack (~> 1.6)
      rack-test (~> 0.6.2)
      rails-dom-testing (~> 1.0, >= 1.0.5)
      rails-html-sanitizer (~> 1.0, >= 1.0.2)
    actionpack-action_caching (1.2.0)
      actionpack (>= 4.0.0, < 6)
    actionview (4.2.7.1)
      activesupport (= 4.2.7.1)
      builder (~> 3.1)
      erubis (~> 2.7.0)
      rails-dom-testing (~> 1.0, >= 1.0.5)
      rails-html-sanitizer (~> 1.0, >= 1.0.2)
    activejob (4.2.7.1)
      activesupport (= 4.2.7.1)
      globalid (>= 0.3.0)
    activemodel (4.2.7.1)
      activesupport (= 4.2.7.1)
      builder (~> 3.1)
    activerecord (4.2.7.1)
      activemodel (= 4.2.7.1)
      activesupport (= 4.2.7.1)
      arel (~> 6.0)
    activerecord-session_store (1.1.3)
      actionpack (>= 4.0)
      activerecord (>= 4.0)
      multi_json (~> 1.11, >= 1.11.2)
      rack (>= 1.5.2, < 3)
      railties (>= 4.0)
    activesupport (4.2.7.1)
      i18n (~> 0.7)
      json (~> 1.7, >= 1.7.7)
      minitest (~> 5.1)
      thread_safe (~> 0.3, >= 0.3.4)
      tzinfo (~> 1.1)
    addressable (2.3.6)
    arachni (1.5.1)
      addressable (= 2.3.6)
      arachni-rpc (~> 0.2.1.4)
      awesome_print (= 1.6.1)
      bundler
      childprocess (= 0.5.3)
      coderay (= 1.1.0)
      concurrent-ruby (= 1.0.2)
      concurrent-ruby-ext (= 1.0.2)
      http_parser.rb (= 0.6.0)
      kramdown (= 1.4.1)
      loofah (= 2.0.3)
      msgpack (= 0.7.0)
      nokogiri (= 1.6.8.1)
      oj (= 2.15.0)
      oj_mimic_json (= 1.0.1)
      ox (= 2.4.11)
      pony (= 1.11)
      puma (= 2.14.0)
      rack (= 1.6.4)
      rb-readline (= 0.5.1)
      rubyzip (= 1.2.1)
      selenium-webdriver (= 3.0.1)
      sinatra (= 1.4.6)
      sinatra-contrib (= 1.4.6)
      terminal-table (= 1.4.5)
      typhoeus (= 1.0.2)
      watir-webdriver (= 0.8.0)
    arachni-reactor (0.1.2)
    arachni-rpc (0.2.1.4)
      arachni-reactor (~> 0.1.2)
    arel (6.0.4)
    autoprefixer-rails (6.7.7.1)
      execjs
    awesome_print (1.6.1)
    backports (3.15.0)
    bcrypt (3.1.13)
    best_in_place (3.1.1)
      actionpack (>= 3.2)
      railties (>= 3.2)
    better_errors (2.1.1)
      coderay (>= 1.0.0)
      erubis (>= 2.6.6)
      rack (>= 0.9.0)
    binding_of_caller (0.8.0)
      debug_inspector (>= 0.0.1)
    bootstrap-sass (3.3.7)
      autoprefixer-rails (>= 5.2.1)
      sass (>= 3.3.4)
    bootstrap3-datetimepicker-rails (4.17.47)
      momentjs-rails (>= 2.8.1)
    brakeman (4.6.1)
    builder (3.2.3)
    bullet (5.5.1)
      activesupport (>= 3.0.0)
      uniform_notifier (~> 1.10.0)
    bundler-audit (0.6.1)
      bundler (>= 1.2.0, < 3)
      thor (~> 0.18)
    byebug (9.0.6)
    cancancan (1.16.0)
    capybara (2.18.0)
      addressable
      mini_mime (>= 0.1.3)
      nokogiri (>= 1.3.3)
      rack (>= 1.0.0)
      rack-test (>= 0.5.4)
      xpath (>= 2.0, < 4.0)
    childprocess (0.5.3)
      ffi (~> 1.0, >= 1.0.11)
    chronic (0.10.2)
    climate_control (0.1.0)
    cocaine (0.5.8)
      climate_control (>= 0.0.3, < 1.0)
    coderay (1.1.0)
    coffee-rails (4.2.2)
      coffee-script (>= 2.2.0)
      railties (>= 4.0.0)
    coffee-script (2.4.1)
      coffee-script-source
      execjs
    coffee-script-source (1.12.2)
    concurrent-ruby (1.0.2)
    concurrent-ruby-ext (1.0.2)
      concurrent-ruby (~> 1.0.2)
    connection_pool (2.2.1)
    crack (0.4.3)
      safe_yaml (~> 1.0.0)
    css_parser (1.7.0)
      addressable
    curb (0.9.10)
    cvss (0.99.0)
    database_cleaner (1.5.3)
    dawnscanner (1.6.9)
      cvss
      haml
      justify
      logger-colors
      ptools
      ruby_parser
      sqlite3
      sys-uname
      terminal-table
    debug_inspector (0.0.3)
    devise (4.7.1)
      bcrypt (~> 3.0)
      orm_adapter (~> 0.1)
      railties (>= 4.1.0)
      responders
      warden (~> 1.2.3)
    diff-lcs (1.3)
    docile (1.1.5)
    erubis (2.7.0)
    et-orbi (1.0.2)
      tzinfo
    ethon (0.12.0)
      ffi (>= 1.3.0)
    execjs (2.7.0)
    factory_girl (4.9.0)
      activesupport (>= 3.0.0)
    factory_girl_rails (4.9.0)
      factory_girl (~> 4.9.0)
      railties (>= 3.0.0)
    faker (1.7.3)
      i18n (~> 0.5)
    faraday (0.11.0)
      multipart-post (>= 1.2, < 3)
    fastercsv (1.5.5)
    ffi (1.11.1)
    figaro (1.1.1)
      thor (~> 0.14)
    font-awesome-rails (4.7.0.5)
      railties (>= 3.2, < 6.1)
    foreman (0.84.0)
      thor (~> 0.19.1)
    gitlab (3.7.0)
      httparty (~> 0.13.0)
      terminal-table
    globalid (0.4.2)
      activesupport (>= 4.2.0)
    god (0.13.7)
    haml (5.1.2)
      temple (>= 0.8.0)
      tilt
    hashdiff (0.3.2)
    hashie (3.5.5)
    highline (2.0.2)
    htmlentities (4.3.4)
    http_parser.rb (0.6.0)
    httparty (0.13.7)
      json (~> 1.8)
      multi_xml (>= 0.5.2)
    httpclient (2.8.3)
    i18n (0.9.5)
      concurrent-ruby (~> 1.0)
    jbuilder (2.6.3)
      activesupport (>= 3.0.0, < 5.2)
      multi_json (~> 1.2)
    jira4r (1.3.0)
      soap4r-ng (~> 2.0)
    jquery-rails (4.3.5)
      rails-dom-testing (>= 1, < 3)
      railties (>= 4.2.0)
      thor (>= 0.14, < 2.0)
    jquery-ui-rails (6.0.1)
      railties (>= 3.2.16)
    jquery-validation-rails (1.16.0)
    json (1.8.6)
    jsonpath (1.0.4)
      multi_json
      to_regexp (~> 0.2.1)
    justify (1.0.2)
    jwt (1.5.6)
    kramdown (1.4.1)
    libv8 (3.16.14.19)
    local_time (2.1.0)
    logger-application (0.0.2)
    logger-colors (1.0.0)
    loofah (2.0.3)
      nokogiri (>= 1.5.9)
    mail (2.7.1)
      mini_mime (>= 0.1.1)
    method_source (0.8.2)
    mime-types (3.3)
      mime-types-data (~> 3.2015)
    mime-types-data (3.2019.0904)
    mimemagic (0.3.2)
    mini_mime (1.0.2)
    mini_portile2 (2.1.0)
    minitest (5.12.2)
    momentjs-rails (2.20.1)
      railties (>= 3.1)
    msgpack (0.7.0)
    multi_json (1.13.1)
    multi_xml (0.6.0)
    multipart-post (2.0.0)
    mysql2 (0.4.5)
    nested_form (0.3.2)
    nokogiri (1.6.8.1)
      mini_portile2 (~> 2.1.0)
    oauth (0.5.1)
    oauth2 (1.3.1)
      faraday (>= 0.8, < 0.12)
      jwt (~> 1.0)
      multi_json (~> 1.3)
      multi_xml (~> 0.5)
      rack (>= 1.2, < 3)
    octokit (4.7.0)
      sawyer (~> 0.8.0, >= 0.5.3)
    oj (2.15.0)
    oj_mimic_json (1.0.1)
    omniauth (1.6.1)
      hashie (>= 3.4.6, < 3.6.0)
      rack (>= 1.6.2, < 3)
    omniauth-github (1.2.3)
      omniauth (~> 1.5)
      omniauth-oauth2 (>= 1.4.0, < 2.0)
    omniauth-oauth2 (1.4.0)
      oauth2 (~> 1.0)
      omniauth (~> 1.2)
    orm_adapter (0.5.0)
    owasp-pipeline (0.8.7)
      brakeman (>= 3.0.5)
      bundler-audit (>= 0.3.1)
      curb (>= 0.8.8)
      dawnscanner (>= 1.6.0)
      fastercsv (>= 1.5)
      highline (>= 1.6.20)
      jsonpath (>= 0.5.7)
      multi_json (>= 1.2)
      nokogiri (>= 1.6.6.2)
      rake
      redcarpet
      terminal-table (>= 1.4)
    ox (2.4.11)
    paperclip (5.0.0)
      activemodel (>= 4.2.0)
      activesupport (>= 4.2.0)
      cocaine (~> 0.5.5)
      mime-types
      mimemagic (~> 0.3.0)
    pony (1.11)
      mail (>= 2.0)
    premailer (1.11.1)
      addressable
      css_parser (>= 1.6.0)
      htmlentities (>= 4.0.0)
    premailer-rails (1.10.3)
      actionmailer (>= 3)
      premailer (~> 1.7, >= 1.7.9)
    pry (0.10.4)
      coderay (~> 1.1.0)
      method_source (~> 0.8.1)
      slop (~> 3.4)
    pry-byebug (3.4.2)
      byebug (~> 9.0)
      pry (~> 0.10)
    pry-rails (0.3.6)
      pry (>= 0.10.4)
    ptools (1.3.5)
    puma (2.14.0)
    rack (1.6.4)
    rack-protection (1.5.5)
      rack
    rack-test (0.6.3)
      rack (>= 1.0)
    rails (4.2.7.1)
      actionmailer (= 4.2.7.1)
      actionpack (= 4.2.7.1)
      actionview (= 4.2.7.1)
      activejob (= 4.2.7.1)
      activemodel (= 4.2.7.1)
      activerecord (= 4.2.7.1)
      activesupport (= 4.2.7.1)
      bundler (>= 1.3.0, < 2.0)
      railties (= 4.2.7.1)
      sprockets-rails
    rails-deprecated_sanitizer (1.0.3)
      activesupport (>= 4.2.0.alpha)
    rails-dom-testing (1.0.9)
      activesupport (>= 4.2.0, < 5.0)
      nokogiri (~> 1.6)
      rails-deprecated_sanitizer (>= 1.0.1)
    rails-html-sanitizer (1.0.3)
      loofah (~> 2.0)
    rails-settings-cached (2.1.0)
      rails (>= 4.2.0)
      request_store
    rails_autolink (1.1.6)
      rails (> 3.1)
    railties (4.2.7.1)
      actionpack (= 4.2.7.1)
      activesupport (= 4.2.7.1)
      rake (>= 0.8.7)
      thor (>= 0.18.1, < 2.0)
    rake (13.0.0)
    rb-fsevent (0.10.3)
    rb-inotify (0.10.0)
      ffi (~> 1.0)
    rb-readline (0.5.1)
    rdoc (4.3.0)
    redcarpet (3.5.0)
    redis (3.3.5)
    redis-actionpack (5.1.0)
      actionpack (>= 4.0, < 7)
      redis-rack (>= 1, < 3)
      redis-store (>= 1.1.0, < 2)
    redis-activesupport (5.2.0)
      activesupport (>= 3, < 7)
      redis-store (>= 1.3, < 2)
    redis-namespace (1.5.3)
      redis (~> 3.0, >= 3.0.4)
    redis-rack (2.0.6)
      rack (>= 1.5, < 3)
      redis-store (>= 1.2, < 2)
    redis-rails (5.0.2)
      redis-actionpack (>= 5.0, < 6)
      redis-activesupport (>= 5.0, < 6)
      redis-store (>= 1.2, < 2)
    redis-store (1.6.0)
      redis (>= 2.2, < 5)
    ref (2.0.0)
    remotipart (1.3.1)
    request_store (1.4.1)
      rack (>= 1.4)
    responders (2.4.1)
      actionpack (>= 4.2.0, < 6.0)
      railties (>= 4.2.0, < 6.0)
    rolify (5.1.0)
    rprogram (0.3.2)
    rspec (3.5.0)
      rspec-core (~> 3.5.0)
      rspec-expectations (~> 3.5.0)
      rspec-mocks (~> 3.5.0)
    rspec-core (3.5.4)
      rspec-support (~> 3.5.0)
    rspec-expectations (3.5.0)
      diff-lcs (>= 1.2.0, < 2.0)
      rspec-support (~> 3.5.0)
    rspec-mocks (3.5.0)
      diff-lcs (>= 1.2.0, < 2.0)
      rspec-support (~> 3.5.0)
    rspec-rails (3.5.2)
      actionpack (>= 3.0)
      activesupport (>= 3.0)
      railties (>= 3.0)
      rspec-core (~> 3.5.0)
      rspec-expectations (~> 3.5.0)
      rspec-mocks (~> 3.5.0)
      rspec-support (~> 3.5.0)
    rspec-support (3.5.0)
    ruby-nmap (0.9.3)
      nokogiri (~> 1.3)
      rprogram (~> 0.3)
    ruby-progressbar (1.8.1)
    ruby_parser (3.14.0)
      sexp_processor (~> 4.9)
    rubyzip (1.2.1)
    rufus-scheduler (3.4.0)
      et-orbi (~> 1.0)
    safe_yaml (1.0.4)
    sass (3.7.4)
      sass-listen (~> 4.0.0)
    sass-listen (4.0.0)
      rb-fsevent (~> 0.9, >= 0.9.4)
      rb-inotify (~> 0.9, >= 0.9.7)
    sass-rails (5.0.7)
      railties (>= 4.0.0, < 6)
      sass (~> 3.1)
      sprockets (>= 2.8, < 4.0)
      sprockets-rails (>= 2.0, < 4.0)
      tilt (>= 1.1, < 3)
    sawyer (0.8.1)
      addressable (>= 2.3.5, < 2.6)
      faraday (~> 0.8, < 1.0)
    sdoc (0.4.2)
      json (~> 1.7, >= 1.7.7)
      rdoc (~> 4.0)
    selenium-webdriver (3.0.1)
      childprocess (~> 0.5)
      rubyzip (~> 1.0)
      websocket (~> 1.0)
    sexp_processor (4.13.0)
    sidekiq (4.2.10)
      concurrent-ruby (~> 1.0)
      connection_pool (~> 2.2, >= 2.2.0)
      rack-protection (>= 1.5.0)
      redis (~> 3.2, >= 3.2.1)
    sidekiq-middleware (0.3.0)
      sidekiq (>= 2.12.4)
    sidekiq-retries (0.4.0)
      sidekiq (>= 3.2.4)
    sidekiq-scheduler (2.1.2)
      hashie (~> 3.4)
      redis (~> 3)
      rufus-scheduler (~> 3.2)
      sidekiq (>= 3)
      tilt (>= 1.4.0)
    sidekiq-statistic (1.2.0)
      sidekiq (>= 3.3.4, < 5)
    sidekiq-status (0.6.0)
      sidekiq (>= 2.7)
    simplecov (0.14.1)
      docile (~> 1.1.0)
      json (>= 1.8, < 3)
      simplecov-html (~> 0.10.0)
    simplecov-html (0.10.0)
    sinatra (1.4.6)
      rack (~> 1.4)
      rack-protection (~> 1.4)
      tilt (>= 1.3, < 3)
    sinatra-contrib (1.4.6)
      backports (>= 2.0)
      multi_json
      rack-protection
      rack-test
      sinatra (~> 1.4.0)
      tilt (>= 1.3, < 3)
    slop (3.6.0)
    soap4r-ng (2.0.3)
      httpclient (~> 2.6)
      logger-application (~> 0.0.2)
    spinjs-rails (1.4)
      rails (>= 3.1)
    spring (2.0.1)
      activesupport (>= 4.2)
    spring-commands-rspec (1.0.4)
      spring (>= 0.9.1)
    sprockets (3.7.2)
      concurrent-ruby (~> 1.0)
      rack (> 1, < 3)
    sprockets-rails (3.2.1)
      actionpack (>= 4.0)
      activesupport (>= 4.0)
      sprockets (>= 3.0.0)
    sqlite3 (1.4.1)
    sys-uname (1.1.0)
      ffi (>= 1.0.0)
    tag-it-rails (2.0.0)
      jquery-ui-rails
      railties
    temple (0.8.2)
    terminal-table (1.4.5)
    therubyracer (0.12.3)
      libv8 (~> 3.16.14.15)
      ref
    thor (0.19.4)
    thread_safe (0.3.6)
    tilt (2.0.10)
    to_regexp (0.2.1)
    toastr-rails (1.0.3)
      railties (>= 3.1.0)
    turbolinks (5.0.1)
      turbolinks-source (~> 5)
    turbolinks-source (5.0.0)
    typhoeus (1.0.2)
      ethon (>= 0.9.0)
    tzinfo (1.2.5)
      thread_safe (~> 0.1)
    uglifier (3.1.13)
      execjs (>= 0.3.0, < 3)
    uniform_notifier (1.10.0)
    warden (1.2.7)
      rack (>= 1.0)
    watir-webdriver (0.8.0)
      selenium-webdriver (>= 2.46.2)
    web-console (2.3.0)
      activemodel (>= 4.0)
      binding_of_caller (>= 0.7.2)
      railties (>= 4.0)
      sprockets-rails (>= 2.0, < 4.0)
    webmock (2.3.2)
      addressable (>= 2.3.6)
      crack (>= 0.3.2)
      hashdiff
    websocket (1.2.8)
    whenever (0.9.7)
      chronic (>= 0.6.3)
    will_paginate (3.1.5)
    will_paginate-bootstrap (1.0.1)
      will_paginate (>= 3.0.3)
    xpath (2.1.0)
      nokogiri (~> 1.3)
    yajl-ruby (1.3.0)

PLATFORMS
  ruby

DEPENDENCIES
  RedCloth
  actionpack-action_caching (>= 1.2.0)
  activerecord-session_store (>= 1.0.0)
  addressable
  arachni (>= 1.5.1)
  arachni-reactor
  best_in_place (>= 3.1.0)
  better_errors
  binding_of_caller
  bootstrap-sass
  bootstrap3-datetimepicker-rails (~> 4.17.47)
  bullet
  byebug
  cancancan
  capybara (>= 2.12.1)
  chronic
  coffee-rails (>= 4.2.1)
  crack
  database_cleaner
  devise (>= 4.2.1)
  execjs
  factory_girl_rails (>= 4.8.0)
  faker
  figaro
  font-awesome-rails (>= 4.7.0.1)
  foreman
  gitlab
  god
  jbuilder (~> 2.0)
  jira-ruby!
  jira4r
  jquery-datatables-rails!
  jquery-rails (>= 4.3.1)
  jquery-ui-rails (>= 6.0.1)
  jquery-validation-rails
  kramdown
  local_time (>= 1.0.3)
  loofah (>= 2.0.3)
  momentjs-rails (>= 2.17.1)
  mysql2 (>= 0.3.13, < 0.5)
  nested_form
  octokit
  omniauth
  omniauth-github
  owasp-pipeline (>= 0.8.7)
  paperclip (~> 5.0.0)
  premailer-rails (>= 1.9.5)
  pry-byebug
  pry-rails
  puma
  rails (= 4.2.7.1)
  rails-settings-cached (>= 0.6.5)
  rails_autolink (>= 1.1.6)
  redis-namespace
  redis-rails (>= 5.0.1)
  remotipart (~> 1.2)
  rolify
  rspec
  rspec-rails (>= 3.5.2)
  ruby-nmap (>= 0.9.2)
  ruby-progressbar
  sass-rails (~> 5.0, >= 5.0.6)
  sdoc (~> 0.4.0)
  sidekiq
  sidekiq-middleware
  sidekiq-retries
  sidekiq-scheduler
  sidekiq-statistic
  sidekiq-status
  simplecov
  sinatra
  soap4r-ng (= 2.0.3)
  spinjs-rails (>= 1.4)
  spring
  spring-commands-rspec
  tag-it-rails (>= 2.0.0)
  terminal-table
  therubyracer
  toastr-rails (>= 1.0.3)
  turbolinks
  typhoeus
  uglifier (>= 1.3.0)
  web-console (~> 2.3, >= 2.3.0)
  webmock (>= 1.17.2)
  whenever
  will_paginate
  will_paginate-bootstrap
  yajl-ruby

BUNDLED WITH
   1.17.3
